PATH
  remote: .
  specs:
    sidekiq-failures (0.3.0)
      sidekiq (>= 2.14.0)

GEM
  remote: https://rubygems.org/
  specs:
    celluloid (0.15.2)
      timers (~> 1.1.0)
    connection_pool (1.2.0)
    hike (1.2.1)
    json (1.8.1)
    multi_json (1.7.3)
    rack (1.4.1)
    rack-protection (1.2.0)
      rack
    rack-test (0.6.2)
      rack (>= 1.0)
    rake (0.9.2.2)
    redis (3.0.6)
    redis-namespace (1.3.2)
      redis (~> 3.0.4)
    sidekiq (2.17.0)
      celluloid (>= 0.15.2)
      connection_pool (>= 1.0.0)
      json
      redis (>= 3.0.4)
      redis-namespace (>= 1.3.1)
    sinatra (1.3.3)
      rack (~> 1.3, >= 1.3.6)
      rack-protection (~> 1.2)
      tilt (~> 1.3, >= 1.3.3)
    sprockets (2.8.1)
      hike (~> 1.2)
      multi_json (~> 1.0)
      rack (~> 1.0)
      tilt (~> 1.1, != 1.3.0)
    tilt (1.3.3)
    timers (1.1.0)

PLATFORMS
  ruby

DEPENDENCIES
  rack-test
  rake
  sidekiq-failures!
  sinatra
  sprockets
